GIT
  remote: git://github.com/josh/rack-mount.git
  revision: cb252d9afdbd5adff81b43b91ef2cb1a90ed6079
  specs:
    rack-mount (0.8.1)
      rack (>= 1.0.0)

GIT
  remote: git://github.com/rack/rack.git
  revision: a976537cd0134a8c65ca0b180533640e693f35d9
  specs:
    rack (1.3.0.beta2)

GIT
  remote: git://github.com/rails/arel.git
  revision: 58c3d1d56cf38aebf09e64803441b606680b680a
  specs:
    arel (2.1.1.20110518143805)

GIT
  remote: git://github.com/rails/rails.git
  revision: 073f80eaa849c479fe547c3c34430db3c91702fb
  specs:
    actionmailer (3.1.0.beta1)
      actionpack (= 3.1.0.beta1)
      mail (~> 2.3.0)
    actionpack (3.1.0.beta1)
      activemodel (= 3.1.0.beta1)
      activesupport (= 3.1.0.beta1)
      builder (~> 3.0.0)
      erubis (~> 2.7.0)
      i18n (~> 0.6.0beta1)
      rack (~> 1.3.0.beta2)
      rack-cache (~> 1.0.1)
      rack-mount (~> 0.8.1)
      rack-test (~> 0.6.0)
      sprockets (~> 2.0.0.beta.5)
      tzinfo (~> 0.3.27)
    activemodel (3.1.0.beta1)
      activesupport (= 3.1.0.beta1)
      bcrypt-ruby (~> 2.1.4)
      builder (~> 3.0.0)
      i18n (~> 0.6.0beta1)
    activerecord (3.1.0.beta1)
      activemodel (= 3.1.0.beta1)
      activesupport (= 3.1.0.beta1)
      arel (~> 2.1.1)
      tzinfo (~> 0.3.27)
    activeresource (3.1.0.beta1)
      activemodel (= 3.1.0.beta1)
      activesupport (= 3.1.0.beta1)
    activesupport (3.1.0.beta1)
      multi_json (~> 1.0)
    rails (3.1.0.beta1)
      actionmailer (= 3.1.0.beta1)
      actionpack (= 3.1.0.beta1)
      activerecord (= 3.1.0.beta1)
      activeresource (= 3.1.0.beta1)
      activesupport (= 3.1.0.beta1)
      bundler (~> 1.0)
      railties (= 3.1.0.beta1)
    railties (3.1.0.beta1)
      actionpack (= 3.1.0.beta1)
      activesupport (= 3.1.0.beta1)
      rack-ssl (~> 1.3.2)
      rake (>= 0.8.7)
      thor (~> 0.14.6)

GIT
  remote: git://github.com/rtomayko/rack-cache.git
  revision: 71dd8fbbe24381bdd5581587082bfa797fed6714
  specs:
    rack-cache (1.0.2)
      rack (>= 0.4)

GIT
  remote: git://github.com/rtomayko/tilt.git
  revision: f504f4195e9821d53652064aaa1c87b785342c4f
  specs:
    tilt (1.3.1)

GIT
  remote: git://github.com/sstephenson/sprockets.git
  revision: 8852e1ae7f0c84ed936183f0dd3f3975843019c5
  specs:
    sprockets (2.0.0.beta.5)
      hike (~> 1.0)
      rack (~> 1.0)
      tilt (~> 1.0)

GEM
  remote: http://rubygems.org/
  specs:
    bcrypt-ruby (2.1.4)
    builder (3.0.0)
    coffee-script (2.2.0)
      coffee-script-source
      execjs
    coffee-script-source (1.1.1)
    erubis (2.7.0)
    execjs (1.0.0)
      multi_json (~> 1.0)
    hike (1.0.0)
    i18n (0.6.0beta1)
    jquery-rails (1.0.6)
      railties (~> 3.0)
      thor (~> 0.14)
    mail (2.3.0)
      i18n (>= 0.4.0)
      mime-types (~> 1.16)
      treetop (~> 1.4.8)
    mime-types (1.16)
    multi_json (1.0.2)
    polyglot (0.3.1)
    rack-ssl (1.3.2)
      rack
    rack-test (0.6.0)
      rack (>= 1.0)
    rake (0.9.0)
    sass (3.1.1)
    sqlite3 (1.3.3)
    thor (0.14.6)
    treetop (1.4.9)
      polyglot (>= 0.3.1)
    tzinfo (0.3.27)
    uglifier (0.5.4)
      execjs (>= 0.3.0)
      multi_json (>= 1.0.2)

PLATFORMS
  ruby

DEPENDENCIES
  arel!
  coffee-script
  jquery-rails
  rack!
  rack-cache!
  rack-mount!
  rails!
  sass
  sprockets!
  sqlite3
  tilt!
  uglifier
